GEM
  remote: https://rubygems.org/
  specs:
    mysql2 (0.4.3)
    rack (1.6.4)
    rack-protection (1.5.3)
      rack
    sinatra (1.4.7)
      rack (~> 1.5)
      rack-protection (~> 1.4)
      tilt (>= 1.3, < 3)
    sqlite3 (1.3.13)
    tilt (2.0.2)

PLATFORMS
  ruby

DEPENDENCIES
  mysql2
  sinatra
  sqlite3

BUNDLED WITH
   1.14.6
